GIT
  remote: https://github.com/xgt-network/xgt-ruby.git
  revision: c8c2af5359feb342a8c0e1333ce3ac135f8a6198
  specs:
    xgt-ruby (0.1.1)
      base58 (~> 0.2.3)
      bitcoin-ruby (~> 0.0.19)
      faraday (~> 0.15.4)
      faraday_middleware (~> 0.13.1)

GEM
  remote: https://rubygems.org/
  specs:
    base58 (0.2.3)
    bitcoin-ruby (0.0.20)
      eventmachine
      ffi
      scrypt
    eventmachine (1.2.7)
    faraday (0.15.4)
      multipart-post (>= 1.2, < 3)
    faraday_middleware (0.13.1)
      faraday (>= 0.7.4, < 1.0)
    ffi (1.15.1)
    ffi-compiler (1.0.1)
      ffi (>= 1.0.0)
      rake
    multi_json (1.15.0)
    multipart-post (2.1.1)
    mustermann (1.1.1)
      ruby2_keywords (~> 0.0.1)
    nio4r (2.5.7)
    puma (5.3.2)
      nio4r (~> 2.0)
    rack (2.2.3)
    rack-protection (2.1.0)
      rack
    rake (13.0.3)
    rb-readline (0.5.5)
    ruby2_keywords (0.0.4)
    scrypt (3.0.7)
      ffi-compiler (>= 1.0, < 2.0)
    sinatra (2.1.0)
      mustermann (~> 1.0)
      rack (~> 2.2)
      rack-protection (= 2.1.0)
      tilt (~> 2.0)
    sinatra-contrib (2.1.0)
      multi_json
      mustermann (~> 1.0)
      rack-protection (= 2.1.0)
      sinatra (= 2.1.0)
      tilt (~> 2.0)
    tilt (2.0.10)

PLATFORMS
  ruby

DEPENDENCIES
  puma
  rb-readline
  sinatra
  sinatra-contrib
  xgt-ruby!

RUBY VERSION
   ruby 2.7.3p183

BUNDLED WITH
   2.1.4
