GIT
  remote: https://github.com/gather-com/xgt-ruby.git
  revision: 6c7d5ee757927dc50110af55c351ba51737fb442
  branch: wallet
  specs:
    xgt-ruby (0.1.0)
      base58 (~> 0.2.3)
      bitcoin-ruby (~> 0.0.19)
      faraday (~> 0.15.4)
      faraday_middleware (~> 0.13.1)

GEM
  remote: https://rubygems.org/
  specs:
    backports (3.15.0)
    base58 (0.2.3)
    bitcoin-ruby (0.0.19)
      eventmachine
      ffi
      scrypt
    eventmachine (1.2.7)
    faraday (0.15.4)
      multipart-post (>= 1.2, < 3)
    faraday_middleware (0.13.1)
      faraday (>= 0.7.4, < 1.0)
    ffi (1.11.3)
    ffi-compiler (1.0.1)
      ffi (>= 1.0.0)
      rake
    multi_json (1.13.1)
    multipart-post (2.1.1)
    mustermann (1.0.3)
    nio4r (2.3.1)
    puma (4.0.0)
      nio4r (~> 2.0)
    rack (2.0.7)
    rack-protection (2.0.5)
      rack
    rake (13.0.1)
    rb-readline (0.5.5)
    scrypt (3.0.7)
      ffi-compiler (>= 1.0, < 2.0)
    sinatra (2.0.5)
      mustermann (~> 1.0)
      rack (~> 2.0)
      rack-protection (= 2.0.5)
      tilt (~> 2.0)
    sinatra-contrib (2.0.5)
      backports (>= 2.8.2)
      multi_json
      mustermann (~> 1.0)
      rack-protection (= 2.0.5)
      sinatra (= 2.0.5)
      tilt (>= 1.3, < 3)
    tilt (2.0.9)

PLATFORMS
  ruby

DEPENDENCIES
  puma
  rb-readline
  sinatra
  sinatra-contrib
  xgt-ruby!

RUBY VERSION
   ruby 2.6.3p62

BUNDLED WITH
   2.0.2
